GEM
  remote: https://rubygems.org/
  specs:
    hashie (5.0.0)
    mini_portile2 (2.8.0)
    nokogiri (1.13.3)
      mini_portile2 (~> 2.8.0)
      racc (~> 1.4)
    omniauth (2.0.4)
      hashie (>= 3.4.6)
      rack (>= 1.6.2, < 3)
      rack-protection
    omniauth-saml (2.0.0)
      omniauth (~> 2.0)
      ruby-saml (~> 1.9)
    racc (1.6.0)
    rack (2.2.3)
    rack-protection (2.1.0)
      rack
    rexml (3.2.5)
    ruby-saml (1.13.0)
      nokogiri (>= 1.10.5)
      rexml

PLATFORMS
  ruby

DEPENDENCIES
  omniauth (>= 1.2.2)
  omniauth-saml (~> 2.0)
  ruby-saml (~> 1.13)

BUNDLED WITH
   2.1.4
